GEM
  remote: https://rubygems.org/
  specs:
    bson (3.0.2)
    mongo (2.0.2)
      bson (~> 3.0)
    newrelic_rpm (3.11.2.286)
    rack (1.6.0)
    rack-protection (1.5.3)
      rack
    rake (10.4.2)
    sinatra (1.4.6)
      rack (~> 1.4)
      rack-protection (~> 1.4)
      tilt (>= 1.3, < 3)
    tilt (2.0.1)

PLATFORMS
  ruby

DEPENDENCIES
  mongo (~> 2.0)
  newrelic_rpm (~> 3.11.2.286)
  rack (~> 1.6.0)
  rake (~> 10.4.2)
  sinatra
