GEM
  remote: https://rubygems.org/
  specs:
    cassandra (0.23.0)
      json
      rake
      simple_uuid (~> 0.3)
      thrift_client (~> 0.7, < 0.9)
    json (1.8.2)
    rack (1.6.0)
    rake (10.4.2)
    simple_uuid (0.4.0)
    thrift (0.8.0)
    thrift_client (0.8.4)
      thrift (~> 0.8.0)

PLATFORMS
  ruby

DEPENDENCIES
  cassandra (~> 0.23.0)
  rack (~> 1.6.0)
  rake (~> 10.4.2)
